GEM
  remote: https://rubygems.org/
  specs:
    byebug (11.0.1)
    childprocess (1.0.1)
      rake (< 13.0)
    coderay (1.1.2)
    concurrent-ruby (1.1.5)
    method_source (0.9.2)
    mini_magick (4.9.5)
    mini_portile2 (2.4.0)
    nokogiri (1.10.4)
      mini_portile2 (~> 2.4.0)
    pry (0.12.2)
      coderay (~> 1.1.0)
      method_source (~> 0.9.0)
    pry-byebug (3.7.0)
      byebug (~> 11.0)
      pry (~> 0.10)
    rake (12.3.3)
    rubyzip (1.2.3)
    selenium-webdriver (3.142.3)
      childprocess (>= 0.5, < 2.0)
      rubyzip (~> 1.2, >= 1.2.2)
    webdrivers (4.0.1)
      nokogiri (~> 1.6)
      rubyzip (~> 1.0)
      selenium-webdriver (>= 3.0, < 4.0)

PLATFORMS
  ruby

DEPENDENCIES
  concurrent-ruby
  mini_magick
  pry-byebug
  webdrivers

BUNDLED WITH
   1.17.2
